PATH
  remote: .
  specs:
    gpg_key_expiry_warning (0.1.0)
      cri (>= 2.15)
      gpgme (>= 2.0)

GEM
  remote: https://rubygems.org/
  specs:
    ast (2.4.0)
    cri (2.15.7)
    gpgme (2.0.18)
      mini_portile2 (~> 2.3)
    jaro_winkler (1.5.2)
    mini_portile2 (2.4.0)
    parallel (1.17.0)
    parser (2.6.3.0)
      ast (~> 2.4.0)
    psych (3.1.0)
    rainbow (3.0.0)
    rake (12.3.2)
    rake_tasks (5.1.1)
      rake
    rubocop (0.67.2)
      jaro_winkler (~> 1.5.1)
      parallel (~> 1.10)
      parser (>= 2.5, != 2.5.1.1)
      psych (>= 3.1.0)
      rainbow (>= 2.2.2, < 4.0)
      ruby-progressbar (~> 1.7)
      unicode-display_width (>= 1.4.0, < 1.6)
    ruby-progressbar (1.10.1)
    standard (0.0.40)
      rubocop (~> 0.67.1)
    unicode-display_width (1.5.0)

PLATFORMS
  ruby

DEPENDENCIES
  gpg_key_expiry_warning!
  rake (>= 12)
  rake_tasks (>= 5)
  standard (>= 0.0.40)

BUNDLED WITH
   2.0.1
